GEM
  remote: https://rubygems.org/
  specs:
    capistrano (3.1.0)
      i18n
      rake (>= 10.0.0)
      sshkit (~> 1.3)
    i18n (0.6.9)
    mysql (2.8.1)
    mysql2psql (0.1.0)
      mysql (= 2.8.1)
      pg (= 0.9.0)
    net-scp (1.1.2)
      net-ssh (>= 2.6.5)
    net-ssh (2.8.0)
    pg (0.9.0)
    rake (10.2.1)
    sshkit (1.3.0)
      net-scp (>= 1.1.2)
      net-ssh
      term-ansicolor
    term-ansicolor (1.3.0)
      tins (~> 1.0)
    tins (1.0.1)

PLATFORMS
  ruby

DEPENDENCIES
  capistrano (= 3.1.0)
  mysql2psql (= 0.1.0)
